GEM
  remote: https://rubygems.org/
  specs:
    builder (3.2.2)
    childprocess (0.4.0)
      ffi (~> 1.0, >= 1.0.11)
    cucumber (1.3.10)
      builder (>= 2.1.2)
      diff-lcs (>= 1.1.3)
      gherkin (~> 2.12)
      multi_json (>= 1.7.5, < 2.0)
      multi_test (>= 0.0.2)
    data_magic (0.17)
      faker (>= 1.1.2)
      yml_reader (>= 0.2)
    diff-lcs (1.2.5)
    faker (1.2.0)
      i18n (~> 0.5)
    ffi (1.9.3)
    fig_newton (0.9)
      yml_reader (>= 0.2)
    gherkin (2.12.2)
      multi_json (~> 1.3)
    i18n (0.6.9)
    multi_json (1.8.4)
    multi_test (0.0.3)
    net-ssh (2.8.0)
    page-object (0.9.5)
      page_navigation (>= 0.9)
      selenium-webdriver (>= 2.39.0)
      watir-webdriver (>= 0.6.4)
    page_navigation (0.9)
      data_magic (>= 0.14)
    require_all (1.3.2)
    rspec (2.14.1)
      rspec-core (~> 2.14.0)
      rspec-expectations (~> 2.14.0)
      rspec-mocks (~> 2.14.0)
    rspec-core (2.14.7)
    rspec-expectations (2.14.5)
      diff-lcs (>= 1.1.3, < 2.0)
    rspec-mocks (2.14.5)
    rubyzip (1.1.0)
    selenium-webdriver (2.39.0)
      childprocess (>= 0.2.5)
      multi_json (~> 1.0)
      rubyzip (~> 1.0)
      websocket (~> 1.0.4)
    syntax (1.2.0)
    watir-webdriver (0.6.6)
      selenium-webdriver (>= 2.18.0)
    websocket (1.0.7)
    yml_reader (0.2)

PLATFORMS
  ruby

DEPENDENCIES
  cucumber
  data_magic
  faker
  fig_newton
  net-ssh
  page-object
  require_all
  rspec
  syntax
